GEM
  remote: http://rubygems.org/
  specs:
    columnize (0.3.2)
    git (1.2.5)
    httpclient (2.1.6)
    jeweler (1.5.2)
      bundler (~> 1.0.0)
      git (>= 1.2.5)
      rake
    jira4r (0.4.0)
    linecache (0.43)
    pdfkit (0.5.0)
    rake (0.8.7)
    rspec (1.3.0)
    ruby-debug (0.10.3)
      columnize (>= 0.1)
      ruby-debug-base (~> 0.10.3.0)
    ruby-debug-base (0.10.3)
      linecache (>= 0.3)
    soap4r (1.5.8)
      httpclient (>= 2.1.1)

PLATFORMS
  x86-mingw32

DEPENDENCIES
  bundler (~> 1.0.0)
  jeweler (~> 1.5.2)
  jira4r (> 0.3.0)
  pdfkit
  rake
  rspec
  ruby-debug (< 0.10.4)
  soap4r
